PATH
  remote: ~/current/qu
  specs:
    qu (0.2.0)
      multi_json
    qu-sequel (0.2.0)
      qu (= 0.2.0)
      sequel

GEM
  remote: https://rubygems.org/
  specs:
    addressable (2.2.8)
    backports (3.3.3)
    coderay (1.0.9)
    columnize (0.3.6)
    cri (2.1.0)
    daybreak (0.3.0)
    debugger (1.1.4)
      columnize (>= 0.3.1)
      debugger-linecache (~> 1.1.1)
      debugger-ruby_core_source (~> 1.1.3)
    debugger-linecache (1.1.2)
      debugger-ruby_core_source (>= 1.1.1)
    debugger-ruby_core_source (1.1.7)
    docsplit (0.6.4)
    faster_xml_simple (0.5.0)
      libxml-ruby (>= 0.3.8.4)
    freeling-analyzer (0.1.2)
      hashie (~> 2.0.5)
    hashie (2.0.5)
    httpclient (2.3.4.1)
    json (1.8.0)
    launchy (2.1.0)
      addressable (~> 2.2.6)
    libxml-ruby (2.7.0)
    method_source (0.8.1)
    mini_portile (0.5.1)
    multi_json (1.7.9)
    net-github-upload (0.0.8)
      faster_xml_simple
      httpclient
      json
      nokogiri (>= 1.4.0)
    nokogiri (1.6.0)
      mini_portile (~> 0.5.0)
    ocra (1.3.1)
    pry (0.9.12.2)
      coderay (~> 1.0.5)
      method_source (~> 0.8)
      slop (~> 3.4)
    pry-debugger (0.2.0)
      debugger (~> 1.1.3)
      pry (~> 0.9.9)
    puma (2.5.1)
      rack (>= 1.1, < 2.0)
    rack (1.5.2)
    rack-protection (1.5.0)
      rack
    rack-test (0.6.2)
      rack (>= 1.0)
    rake (0.9.2.2)
    releasy (0.2.2)
      cri (~> 2.1.0)
      net-github-upload (~> 0.0.8)
      ocra (~> 1.3.0)
      rake (~> 0.9.2.2)
      thor (~> 0.14.6)
    sequel (4.1.1)
    sinatra (1.4.3)
      rack (~> 1.4)
      rack-protection (~> 1.4)
      tilt (~> 1.3, >= 1.3.4)
    sinatra-contrib (1.4.1)
      backports (>= 2.0)
      multi_json
      rack-protection
      rack-test
      sinatra (~> 1.4.0)
      tilt (~> 1.3)
    slop (3.4.5)
    sqlite3 (1.3.8)
    term-ansicolor (1.2.2)
      tins (~> 0.8)
    thor (0.14.6)
    tilt (1.4.1)
    tins (0.8.3)
    xapian-fu (1.5.0)
    xapian-ruby (1.2.15.1)

PLATFORMS
  ruby

DEPENDENCIES
  daybreak
  docsplit
  freeling-analyzer
  launchy
  nokogiri
  pry
  pry-debugger
  puma
  qu-sequel!
  releasy
  sequel
  sinatra
  sinatra-contrib
  sqlite3
  term-ansicolor
  xapian-fu
  xapian-ruby
